GEM
  remote: https://rubygems.org/
  specs:
    base64 (0.2.0)
    bcrypt (3.1.20)
    daemons (1.4.1)
    eventmachine (1.2.7)
    ffi (1.16.3)
    ffi (1.16.3-x64-mingw-ucrt)
    listen (3.9.0)
      rb-fsevent (~> 0.10, >= 0.10.3)
      rb-inotify (~> 0.9, >= 0.9.10)
    mustermann (3.0.0)
      ruby2_keywords (~> 0.0.1)
    rack (3.0.9.1)
    rack-protection (4.0.0)
      base64 (>= 0.1.0)
      rack (>= 3.0.0, < 4)
    rack-session (2.0.0)
      rack (>= 3.0.0)
    rb-fsevent (0.11.2)
    rb-inotify (0.10.1)
      ffi (~> 1.0)
    rerun (0.14.0)
      listen (~> 3.0)
    ruby2_keywords (0.0.5)
    sinatra (4.0.0)
      mustermann (~> 3.0)
      rack (>= 3.0.0, < 4)
      rack-protection (= 4.0.0)
      rack-session (>= 2.0.0, < 3)
      tilt (~> 2.0)
    sqlite3 (1.7.2-x64-mingw-ucrt)
    sqlite3 (1.7.2-x86_64-linux)
    thin (1.6.2)
      daemons (>= 1.0.9)
      eventmachine (>= 1.0.0)
      rack (>= 1.0.0)
    tilt (2.3.0)

PLATFORMS
  x64-mingw-ucrt
  x86_64-linux

DEPENDENCIES
  bcrypt
  rerun
  sinatra
  sqlite3
  thin

BUNDLED WITH
   2.4.19
